GEM
  remote: https://rubygems.org/
  specs:
    interpolator (0.15)
    ruby-progressbar (1.4.2)

PLATFORMS
  ruby

DEPENDENCIES
  interpolator
  ruby-progressbar
